GEM
  remote: https://rubygems.org/
  specs:
    coderay (1.0.9)
    daemons (1.0.10)
    gem_plugin (0.2.3)
    method_source (0.8.2)
    mongrel (1.2.0.pre2)
      daemons (~> 1.0.10)
      gem_plugin (~> 0.2.3)
    pry (0.9.12.2)
      coderay (~> 1.0.5)
      method_source (~> 0.8)
      slop (~> 3.4)
    slop (3.4.6)

PLATFORMS
  ruby

DEPENDENCIES
  mongrel (= 1.2.0.pre2)
  pry
